GEM
  remote: http://rubygems.org/
  specs:
    actionmailer (2.3.8)
      actionpack (= 2.3.8)
    actionpack (2.3.8)
      activesupport (= 2.3.8)
      rack (~> 1.1.0)
    activerecord (2.3.8)
      activesupport (= 2.3.8)
    activeresource (2.3.8)
      activesupport (= 2.3.8)
    activesupport (2.3.8)
    authlogic (2.1.3)
      activesupport
    aws-s3 (0.6.2)
      builder
      mime-types
      xml-simple
    bcrypt-ruby (2.1.2)
    builder (3.0.0)
    declarative_authorization (0.4)
      rails (>= 2.1.0)
    factory_girl (1.3.3)
    formtastic (0.9.7)
      actionpack (>= 2.3.0)
      activesupport (>= 2.3.0)
    hoptoad_notifier (2.4.6)
      activesupport
      builder
    mime-types (1.16)
    mysql (2.8.1)
    paperclip (2.3.1.1)
    rack (1.1.0)
    rails (2.3.8)
      actionmailer (= 2.3.8)
      actionpack (= 2.3.8)
      activerecord (= 2.3.8)
      activeresource (= 2.3.8)
      activesupport (= 2.3.8)
      rake (>= 0.8.3)
    rake (0.9.2)
    recaptcha (0.3.1)
    searchlogic (2.4.27)
      activerecord (>= 2.0.0)
    will_paginate (2.3.15)
    xml-simple (1.1.0)

PLATFORMS
  ruby

DEPENDENCIES
  authlogic (= 2.1.3)
  aws-s3
  bcrypt-ruby (= 2.1.2)
  bundler
  declarative_authorization (= 0.4)
  factory_girl
  formtastic (= 0.9.7)
  hoptoad_notifier
  mysql
  paperclip (= 2.3.1.1)
  rack (= 1.1.0)
  rails (= 2.3.8)
  recaptcha
  searchlogic
  will_paginate
